GEM
  remote: https://rubygems.org/
  specs:
    erubis (2.7.0)
    rack (2.0.3)
    roda (2.28.0)
      rack
    tilt (2.0.8)

PLATFORMS
  ruby

DEPENDENCIES
  erubis
  roda
  tilt

BUNDLED WITH
   1.15.3
